GEM
  remote: https://rubygems.org/
  specs:
    addressable (2.5.0)
      public_suffix (~> 2.0, >= 2.0.2)
    ansi (1.5.0)
    ast (2.3.0)
    css_parser (1.4.10)
      addressable
    oga (2.9)
      ast
      ruby-ll (~> 2.1)
    public_suffix (2.0.5)
    ruby-ll (2.1.2)
      ansi
      ast
    rubyzip (1.2.1)

PLATFORMS
  ruby

DEPENDENCIES
  css_parser
  oga
  rubyzip

BUNDLED WITH
   1.12.5
